GEM
  remote: https://rubygems.org/
  specs:
    ruby-mysql (2.9.13)

PLATFORMS
  ruby

DEPENDENCIES
  ruby-mysql
